GEM
  remote: https://rubygems.org/
  specs:
    activesupport (4.0.4)
      i18n (~> 0.6, >= 0.6.9)
      minitest (~> 4.2)
      multi_json (~> 1.3)
      thread_safe (~> 0.1)
      tzinfo (~> 0.3.37)
    atomic (1.1.16)
    dbf (2.0.7)
      fastercsv (~> 1.5.4)
    fast_xs (0.8.0)
    fastercsv (1.5.5)
    i18n (0.6.9)
    mini_portile (0.5.2)
    minitest (4.7.5)
    multi_json (1.9.0)
    nokogiri (1.6.1)
      mini_portile (~> 0.5.0)
    nokogiri (1.6.1-x86-mingw32)
      mini_portile (~> 0.5.0)
    roo (1.13.2)
      nokogiri
      rubyzip
      spreadsheet (> 0.6.4)
    ruby-ole (1.2.11.7)
    rubyzip (1.1.2)
    spreadsheet (0.9.7)
      ruby-ole (>= 1.0)
    sqlite3 (1.3.9)
    sqlite3 (1.3.9-x86-mingw32)
    thread_safe (0.2.0)
      atomic (>= 1.1.7, < 2)
    tzinfo (0.3.39)
    unix_utils (0.0.15)
    xlsx_writer (0.4.1)
      activesupport
      fast_xs
      unix_utils

PLATFORMS
  ruby
  x86-mingw32

DEPENDENCIES
  dbf
  roo
  sqlite3
  xlsx_writer
